GEM
  remote: https://rubygems.org/
  specs:
    activemodel (7.2.2.1)
      activesupport (= 7.2.2.1)
    activerecord (7.2.2.1)
      activemodel (= 7.2.2.1)
      activesupport (= 7.2.2.1)
      timeout (>= 0.4.0)
    activesupport (7.2.2.1)
      base64
      benchmark (>= 0.3)
      bigdecimal
      concurrent-ruby (~> 1.0, >= 1.3.1)
      connection_pool (>= 2.2.5)
      drb
      i18n (>= 1.6, < 2)
      logger (>= 1.4.2)
      minitest (>= 5.1)
      securerandom (>= 0.3)
      tzinfo (~> 2.0, >= 2.0.5)
    addressable (2.8.7)
      public_suffix (>= 2.0.2, < 7.0)
    base64 (0.2.0)
    benchmark (0.4.0)
    bigdecimal (3.1.9)
    byebug (11.1.3)
    byebug-dap (0.1.4)
      byebug (~> 11.1)
      ruby-dap (~> 0.1.2)
    concurrent-ruby (1.3.5)
    connection_pool (2.5.0)
    date (3.4.1)
    debug (1.10.0)
      irb (~> 1.10)
      reline (>= 0.3.8)
    drb (2.2.1)
    ffi (1.17.1)
    ffi (1.17.1-arm64-darwin)
    ffi (1.17.1-x86_64-darwin)
    graphviz (1.3.0)
      process-pipeline
    hiredis (0.6.3)
    i18n (1.14.7)
      concurrent-ruby (~> 1.0)
    io-console (0.8.0)
    irb (1.15.1)
      pp (>= 0.6.0)
      rdoc (>= 4.0.0)
      reline (>= 0.4.2)
    launchy (2.5.2)
      addressable (~> 2.8)
    logger (1.7.0)
    mini_portile2 (2.8.8)
    minitest (5.22.3)
    mocha (2.1.0)
      ruby2_keywords (>= 0.0.5)
    oj (3.16.10)
      bigdecimal (>= 3.0)
      ostruct (>= 0.2)
    ostruct (0.6.1)
    paint (2.3.0)
    pg (1.5.9)
    pp (0.6.2)
      prettyprint
    prettyprint (0.2.0)
    process-group (1.2.4)
      process-terminal (~> 0.2.0)
    process-pipeline (1.0.2)
      process-group
    process-terminal (0.2.0)
      ffi
    psych (5.2.3)
      date
      stringio
    public_suffix (6.0.1)
    rack (3.1.12)
    rake (13.2.1)
    rdoc (6.13.1)
      psych (>= 4.0.0)
    redis (5.4.0)
      redis-client (>= 0.22.0)
    redis-classy (2.4.1)
      redis-namespace (~> 1.0)
    redis-client (0.24.0)
      connection_pool
    redis-namespace (1.11.0)
      redis (>= 4)
    redlock (2.0.6)
      redis-client (>= 0.14.1, < 1.0.0)
    reline (0.6.0)
      io-console (~> 0.5)
    ruby-dap (0.1.3)
    ruby2_keywords (0.0.5)
    securerandom (0.4.1)
    sidekiq (7.3.9)
      base64
      connection_pool (>= 2.3.0)
      logger
      rack (>= 2.2.4)
      redis-client (>= 0.22.2)
    sqlite3 (1.6.9)
      mini_portile2 (~> 2.8.0)
    sqlite3 (1.6.9-arm64-darwin)
    sqlite3 (1.6.9-x86_64-darwin)
    stringio (3.1.6)
    terminal-table (3.0.2)
      unicode-display_width (>= 1.1.1, < 3)
    thor (1.3.2)
    timeout (0.4.3)
    tzinfo (2.0.6)
      concurrent-ruby (~> 1.0)
    unicode-display_width (2.6.0)

PLATFORMS
  arm64-darwin
  ruby
  x86_64-darwin

DEPENDENCIES
  activerecord (~> 7.2.2)
  activesupport (~> 7.2.2)
  byebug (~> 11.1)
  byebug-dap
  concurrent-ruby (~> 1.2)
  debug (~> 1.10.0)
  graphviz (~> 1.3.0)
  hiredis (~> 0.6.3)
  launchy (~> 2.5)
  minitest (~> 5.22.0)
  mocha (~> 2.1.0)
  oj (~> 3.16)
  paint (~> 2.2)
  pg (~> 1.5)
  rake (~> 13.0)
  redis (~> 5.0)
  redis-classy (~> 2.4.1)
  redlock
  sidekiq (~> 7.2)
  sqlite3 (~> 1.6.0)
  terminal-table (~> 3.0)
  thor (~> 1.3)

BUNDLED WITH
   2.5.7
